PATH
  remote: .
  specs:
    mongo_doc (0.6.33)
      activemodel (>= 3.0.0)
      activesupport (>= 3.0.0)
      bson_ext (>= 1.3.1)
      mongo (>= 1.3.1)
      tzinfo (>= 0.3.22)

GEM
  remote: http://rubygems.org/
  specs:
    activemodel (3.0.9)
      activesupport (= 3.0.9)
      builder (~> 2.1.2)
      i18n (~> 0.5.0)
    activesupport (3.0.9)
    archive-tar-minitar (0.5.2)
    bson (1.3.1)
    bson_ext (1.3.1)
    builder (2.1.2)
    columnize (0.3.3)
    cucumber (0.10.7)
      builder (>= 2.1.2)
      diff-lcs (>= 1.1.2)
      gherkin (~> 2.4.0)
      json (>= 1.4.6)
      term-ansicolor (>= 1.0.5)
    diff-lcs (1.1.2)
    gherkin (2.4.0)
      json (>= 1.4.6)
    i18n (0.5.0)
    json (1.5.2)
    linecache19 (0.5.12)
      ruby_core_source (>= 0.1.4)
    mongo (1.3.1)
      bson (>= 1.3.1)
    rake (0.9.2.2)
    rdoc (3.12)
      json (~> 1.4)
    rspec (2.6.0)
      rspec-core (~> 2.6.0)
      rspec-expectations (~> 2.6.0)
      rspec-mocks (~> 2.6.0)
    rspec-core (2.6.4)
    rspec-expectations (2.6.0)
      diff-lcs (~> 1.1.2)
    rspec-mocks (2.6.0)
    ruby-debug-base19 (0.11.25)
      columnize (>= 0.3.1)
      linecache19 (>= 0.5.11)
      ruby_core_source (>= 0.1.4)
    ruby-debug19 (0.11.6)
      columnize (>= 0.3.1)
      linecache19 (>= 0.5.11)
      ruby-debug-base19 (>= 0.11.19)
    ruby_core_source (0.1.5)
      archive-tar-minitar (>= 0.5.2)
    term-ansicolor (1.0.5)
    tzinfo (0.3.28)

PLATFORMS
  ruby

DEPENDENCIES
  cucumber (>= 0.10.0)
  mongo_doc!
  rake (>= 0.9.2.2)
  rdoc (>= 2.4.2)
  rspec (>= 2.5.0)
  ruby-debug19 (>= 0.11.6)
